PATH
  remote: .
  specs:
    pulpsak (0.1.2)
      text-table (~> 1.2)
      thor (~> 1.1)

GEM
  remote: https://rubygems.org/
  specs:
    diff-lcs (1.4.4)
    faraday (1.4.2)
      faraday-em_http (~> 1.0)
      faraday-em_synchrony (~> 1.0)
      faraday-excon (~> 1.1)
      faraday-net_http (~> 1.0)
      faraday-net_http_persistent (~> 1.1)
      multipart-post (>= 1.2, < 3)
      ruby2_keywords (>= 0.0.4)
    faraday-em_http (1.0.0)
    faraday-em_synchrony (1.0.0)
    faraday-excon (1.1.0)
    faraday-net_http (1.0.1)
    faraday-net_http_persistent (1.1.0)
    json (2.5.1)
    multipart-post (2.1.1)
    pulp_rpm_client (3.12.0)
      faraday (>= 0.14.0)
      json (~> 2.1, >= 2.1.0)
    pulpcore_client (3.13.0)
      faraday (>= 0.14.0)
      json (~> 2.1, >= 2.1.0)
    rake (12.3.3)
    rspec (3.10.0)
      rspec-core (~> 3.10.0)
      rspec-expectations (~> 3.10.0)
      rspec-mocks (~> 3.10.0)
    rspec-core (3.10.1)
      rspec-support (~> 3.10.0)
    rspec-expectations (3.10.1)
      diff-lcs (>= 1.2.0, < 2.0)
      rspec-support (~> 3.10.0)
    rspec-mocks (3.10.2)
      diff-lcs (>= 1.2.0, < 2.0)
      rspec-support (~> 3.10.0)
    rspec-support (3.10.2)
    ruby2_keywords (0.0.4)
    text-table (1.2.4)
    thor (1.1.0)

PLATFORMS
  ruby

DEPENDENCIES
  bundler (~> 2.1.4)
  pulp_rpm_client (>= 3.12.0)
  pulpcore_client (>= 3.12.3)
  pulpsak!
  rake (~> 12.0)
  rspec (~> 3.0)
  text-table
  thor

BUNDLED WITH
   2.1.4
